PATH
  remote: .
  specs:
    asciidoctor-concatenate_lines (0.1.0)

GEM
  remote: https://rubygems.org/
  specs:
    asciidoctor (2.0.10)
    diff-lcs (1.3)
    rake (12.3.3)
    rspec (3.8.0)
      rspec-core (~> 3.8.0)
      rspec-expectations (~> 3.8.0)
      rspec-mocks (~> 3.8.0)
    rspec-core (3.8.2)
      rspec-support (~> 3.8.0)
    rspec-expectations (3.8.4)
      diff-lcs (>= 1.2.0, < 2.0)
      rspec-support (~> 3.8.0)
    rspec-mocks (3.8.1)
      diff-lcs (>= 1.2.0, < 2.0)
      rspec-support (~> 3.8.0)
    rspec-support (3.8.2)

PLATFORMS
  ruby

DEPENDENCIES
  asciidoctor
  asciidoctor-concatenate_lines!
  bundler (~> 2.0)
  rake (~> 12.0)
  rspec (~> 3.0)
  rspec-core

BUNDLED WITH
   2.0.2
